PATH
  remote: .
  specs:
    raytrace_rb (0.1.0)
      chunky_png

GEM
  remote: https://rubygems.org/
  specs:
    byebug (10.0.2)
    chunky_png (1.3.10)
    rake (10.5.0)
    rake-compiler (1.0.4)
      rake

PLATFORMS
  ruby

DEPENDENCIES
  bundler (~> 1.16)
  byebug
  rake (~> 10.0)
  rake-compiler
  raytrace_rb!

BUNDLED WITH
   1.16.1
