PATH
  remote: .
  specs:
    raytrace_rb (0.1.0)
      chunky_png (~> 1.3.0)

GEM
  remote: https://rubygems.org/
  specs:
    byebug (10.0.2)
    chunky_png (1.3.11)
    rake (10.5.0)
    rake-compiler (1.0.9)
      rake

PLATFORMS
  ruby

DEPENDENCIES
  bundler (~> 1.17.0)
  byebug (~> 10.0.0)
  rake (~> 10.5.0)
  rake-compiler (~> 1.0.0)
  raytrace_rb!

BUNDLED WITH
   1.17.3
