GEM
  remote: https://rubygems.org/
  specs:
    byebug (10.0.2)
    chunky_png (1.3.10)

PLATFORMS
  ruby

DEPENDENCIES
  byebug
  chunky_png

BUNDLED WITH
   1.16.1
