PATH
  remote: .
  specs:
    raytrace_rb (0.1.0)
      chunky_png (~> 1.3.0)

GEM
  remote: https://rubygems.org/
  specs:
    byebug (11.1.3)
    chunky_png (1.3.15)
    rake (13.0.6)
    rake-compiler (1.1.9)
      rake

PLATFORMS
  ruby

DEPENDENCIES
  bundler (~> 2.3.0)
  byebug (~> 11.1.0)
  rake (~> 13.0.0)
  rake-compiler (~> 1.1.0)
  raytrace_rb!

BUNDLED WITH
   2.3.10
